PATH
  remote: .
  specs:
    the-pantry (1.0.0)
      activerecord (~> 4.2)
      hiredis (~> 0.6)
      json (~> 1.8)
      redis (~> 3.2)

GEM
  remote: https://rubygems.org/
  specs:
    activemodel (4.2.7.1)
      activesupport (= 4.2.7.1)
      builder (~> 3.1)
    activerecord (4.2.7.1)
      activemodel (= 4.2.7.1)
      activesupport (= 4.2.7.1)
      arel (~> 6.0)
    activesupport (4.2.7.1)
      i18n (~> 0.7)
      json (~> 1.7, >= 1.7.7)
      minitest (~> 5.1)
      thread_safe (~> 0.3, >= 0.3.4)
      tzinfo (~> 1.1)
    arel (6.0.4)
    builder (3.2.3)
    database_cleaner (1.4.1)
    diff-lcs (1.2.5)
    hiredis (0.6.1)
    i18n (0.8.0)
    json (1.8.6)
    minitest (5.10.1)
    rake (10.4.2)
    redis (3.3.3)
    rspec (3.3.0)
      rspec-core (~> 3.3.0)
      rspec-expectations (~> 3.3.0)
      rspec-mocks (~> 3.3.0)
    rspec-core (3.3.2)
      rspec-support (~> 3.3.0)
    rspec-expectations (3.3.1)
      diff-lcs (>= 1.2.0, < 2.0)
      rspec-support (~> 3.3.0)
    rspec-mocks (3.3.2)
      diff-lcs (>= 1.2.0, < 2.0)
      rspec-support (~> 3.3.0)
    rspec-support (3.3.0)
    sqlite3 (1.3.10)
    thread_safe (0.3.5)
    timecop (0.7.4)
    tzinfo (1.2.2)
      thread_safe (~> 0.1)

PLATFORMS
  ruby

DEPENDENCIES
  bundler (~> 1.3)
  database_cleaner (~> 1.3)
  rake (~> 10.0)
  rspec (~> 3.3)
  sqlite3 (~> 1.3)
  the-pantry!
  timecop (~> 0.7)

BUNDLED WITH
   1.14.0
